GEM
  remote: https://rubygems.org/
  specs:
    eventmachine (1.0.3)
    osc-ruby (1.1.0)

PLATFORMS
  ruby

DEPENDENCIES
  eventmachine
  osc-ruby
